GEM
  remote: http://rubygems.org/
  specs:
    addressable (2.2.6)
    faraday (0.7.4)
      addressable (~> 2.2.6)
      multipart-post (~> 1.1.0)
      rack (< 2, >= 1.1.0)
    faraday_middleware (0.7.0.rc1)
      faraday (~> 0.7.3)
    hashie (1.0.0)
    multi_json (1.0.3)
    multipart-post (1.1.3)
    rack (1.3.2)
    rake (0.9.2)

PLATFORMS
  ruby

DEPENDENCIES
  faraday
  faraday_middleware (~> 0.7.0.rc1)
  hashie
  multi_json
  rake
